GEM
  remote: https://rubygems.org/
  specs:
    bson (4.12.0)
    mongo (2.14.0)
      bson (>= 4.8.2, < 5.0.0)

PLATFORMS
  x86_64-darwin-20

DEPENDENCIES
  mongo (= 2.14.0)!

BUNDLED WITH
   2.2.12
